GEM
  remote: http://rubygems.org/
  specs:
    addressable (2.2.1)
    faraday (0.4.6)
      addressable (>= 2.1.1)
      rack (>= 1.0.1)
    json (1.4.6)
    multi_json (0.0.4)
    nokogiri (1.4.3.1)
    oauth2 (0.0.13)
      faraday (~> 0.4.1)
      multi_json (>= 0.0.4)
    rack (1.2.1)
    rack-test (0.5.6)
      rack (>= 1.0)
    shotgun (0.8)
      rack (>= 1.0)
    shoulda (2.11.3)
    sinatra (1.0)
      rack (>= 1.0)
    warden (1.0.0)
      rack (>= 1.0.0)
    webrat (0.7.1)
      nokogiri (>= 1.2.0)
      rack (>= 1.0)
      rack-test (>= 0.5.3)

PLATFORMS
  ruby

DEPENDENCIES
  json
  oauth2
  rack-test
  shotgun
  shoulda
  sinatra (~> 1.0)
  warden
  webrat
